GEM
  remote: https://rubygems.org/
  specs:
    activemodel (5.0.0.1)
      activesupport (= 5.0.0.1)
    activerecord (5.0.0.1)
      activemodel (= 5.0.0.1)
      activesupport (= 5.0.0.1)
      arel (~> 7.0)
    activesupport (5.0.0.1)
      concurrent-ruby (~> 1.0, >= 1.0.2)
      i18n (~> 0.7)
      minitest (~> 5.1)
      tzinfo (~> 1.1)
    arel (7.1.1)
    concurrent-ruby (1.0.2)
    i18n (0.7.0)
    mini_portile2 (2.3.0)
    minitest (5.9.0)
    mustermann (1.0.2)
    nokogiri (1.8.1)
      mini_portile2 (~> 2.3.0)
    pg (0.18.4)
    puma (3.6.0)
    rack (2.0.4)
    rack-protection (2.0.1)
      rack
    roo (2.7.1)
      nokogiri (~> 1)
      rubyzip (~> 1.1, < 2.0.0)
    rubyzip (1.2.1)
    sinatra (2.0.1)
      mustermann (~> 1.0)
      rack (~> 2.0)
      rack-protection (= 2.0.1)
      tilt (~> 2.0)
    thread_safe (0.3.5)
    tilt (2.0.8)
    tzinfo (1.2.2)
      thread_safe (~> 0.1)
    tzinfo-data (1.2017.2)
      tzinfo (>= 1.0.0)

PLATFORMS
  ruby

DEPENDENCIES
  activerecord
  activesupport
  pg
  puma
  roo
  sinatra
  tzinfo
  tzinfo-data

BUNDLED WITH
   1.16.2
